GEM
  remote: https://rubygems.org/
  specs:
    dotenv (1.0.2)
    encrypted_cookie (0.0.4)
    faraday (0.13.1)
      multipart-post (>= 1.2, < 3)
    json (1.8.6)
    multipart-post (2.0.0)
    mustermann (1.0.1)
    rack (2.0.3)
    rack-protection (2.0.0)
      rack
    sinatra (2.0.0)
      mustermann (~> 1.0)
      rack (~> 2.0)
      rack-protection (= 2.0.0)
      tilt (~> 2.0)
    stripe (3.3.1)
      faraday (~> 0.9)
    tilt (2.0.8)

PLATFORMS
  ruby

DEPENDENCIES
  dotenv (= 1.0.2)
  encrypted_cookie (= 0.0.4)
  json (= 1.8.6)
  sinatra
  stripe

BUNDLED WITH
   1.15.4
